PATH
  remote: .
  specs:
    nodo (1.6.3)

GEM
  remote: https://rubygems.org/
  specs:
    byebug (11.1.3)
    minitest (5.14.4)
    rake (13.0.6)

PLATFORMS
  ruby
  x86_64-darwin-16

DEPENDENCIES
  bundler
  byebug
  minitest
  nodo!
  rake

BUNDLED WITH
   2.2.22
