PATH
  remote: .
  specs:
    nodo (1.6.5)

GEM
  remote: https://rubygems.org/
  specs:
    byebug (11.1.3)
    minitest (5.25.1)
    rake (13.2.1)

PLATFORMS
  ruby
  x86_64-darwin-18

DEPENDENCIES
  bundler
  byebug
  minitest
  nodo!
  rake
